GIT
  remote: git://github.com/cmrd-senya/capistrano-db-tasks.git
  revision: 89ff2f8d59cf14f7c9044e1091c3bb1234d1d413
  branch: dump_task.2
  specs:
    capistrano-db-tasks (0.4)
      capistrano (>= 3.0.0)

GIT
  remote: git://github.com/zonkeynir/capistrano-rails-collection.git
  revision: 919929ae447a9376938614ac1c91f83d6a687e0b
  specs:
    capistrano-rails-collection (0.0.3)
      capistrano-rails (~> 1.1.0)

GEM
  remote: https://rubygems.org/
  specs:
    capistrano (3.4.0)
      i18n
      rake (>= 10.0.0)
      sshkit (~> 1.3)
    capistrano-bundler (1.1.3)
      capistrano (~> 3.1)
      sshkit (~> 1.2)
    capistrano-rails (1.1.2)
      capistrano (~> 3.1)
      capistrano-bundler (~> 1.1)
    capistrano-rvm (0.1.2)
      capistrano (~> 3.0)
      sshkit (~> 1.2)
    i18n (0.7.0)
    net-scp (1.2.1)
      net-ssh (>= 2.6.5)
    net-ssh (3.1.1)
    rake (11.1.2)
    sshkit (1.9.0)
      net-scp (>= 1.1.2)
      net-ssh (>= 2.8.0)

PLATFORMS
  ruby

DEPENDENCIES
  capistrano
  capistrano-db-tasks!
  capistrano-rails
  capistrano-rails-collection!
  capistrano-rvm

BUNDLED WITH
   1.11.2
